GEM
  remote: https://rubygems.org/
  specs:
    byebug (9.0.6)
    highline (1.7.8)
    nwn-lib (0.6.1)
    os (0.9.6)
    rake (12.0.0)
    systemu (2.6.5)

PLATFORMS
  ruby
  x86-mingw32

DEPENDENCIES
  byebug
  highline
  nwn-lib
  os
  rake
  systemu

BUNDLED WITH
   1.14.6
